GEM
  remote: https://rubygems.org/
  specs:
    webrick (1.9.0)

PLATFORMS
  ruby
  x86_64-openbsd

DEPENDENCIES
  webrick

BUNDLED WITH
   2.5.16
